PATH
  remote: .
  specs:
    kelredd-simple-gem (0.8.1)
      bundler (~> 1.0)

GEM
  remote: http://rubygems.org/
  specs:
    json (1.4.6)
    kelredd-useful (0.4.1)
      json
    leftright (0.9.0)
    shoulda (2.11.3)
    test-belt (0.1.2)
      kelredd-useful (~> 0.4.0)
      leftright (~> 0.9.0)
      shoulda (~> 2.11)

PLATFORMS
  ruby

DEPENDENCIES
  bundler (~> 1.0)
  kelredd-simple-gem!
  test-belt (= 0.1.2)
