PATH
  remote: .
  specs:
    ggem (1.0.0)
      bundler (~> 1.0)

GEM
  remote: http://rubygems.org/
  specs:
    leftright (0.9.1)
    test-belt (1.0.1)
      leftright (~> 0.9.0)

PLATFORMS
  ruby

DEPENDENCIES
  ggem!
  test-belt (= 1.0.1)
