PATH
  remote: .
  specs:
    ggem (1.1.2)
      bundler

GEM
  remote: http://rubygems.org/
  specs:
    ansi (1.3.0)
    assert (0.2.1)
      ansi (~> 1.3)
    rake (0.9.2)

PLATFORMS
  ruby

DEPENDENCIES
  assert
  ggem!
  rake (~> 0.9.2)
